GEM
  remote: https://rubygems.org/
  specs:
    aws-sdk (2.2.25)
      aws-sdk-resources (= 2.2.25)
    aws-sdk-core (2.2.25)
      jmespath (~> 1.0)
    aws-sdk-resources (2.2.25)
      aws-sdk-core (= 2.2.25)
    jmespath (1.1.3)
    thor (0.19.1)

PLATFORMS
  ruby

DEPENDENCIES
  aws-sdk (~> 2)
  thor

BUNDLED WITH
   1.11.2
